GEM
  remote: https://rubygems.org/
  specs:
    amq-protocol (1.9.2)
    bunny (1.2.1)
      amq-protocol (>= 1.9.2)
    coderay (1.1.0)
    json (1.8.1)
    method_source (0.8.2)
    pry (0.9.12.6)
      coderay (~> 1.0)
      method_source (~> 0.8)
      slop (~> 3.4)
    slop (3.5.0)

PLATFORMS
  ruby

DEPENDENCIES
  bunny
  json
  pry
